PATH
  remote: .
  specs:
    rforce (0.6)
      builder (~> 3.0)
      oauth (~> 0.4)

GEM
  remote: http://rubygems.org/
  specs:
    builder (3.0.0)
    hoe (2.8.0)
      rake (>= 0.8.7)
    oauth (0.4.4)
    rake (0.8.7)
    rspec (1.3.1)

PLATFORMS
  ruby

DEPENDENCIES
  hoe (>= 2.8.0)
  rforce!
  rspec (~> 1.3)
